GEM
  remote: https://rubygems.org/
  specs:
    erubis (2.7.0)
    haml (4.0.7)
      tilt
    html2haml (2.0.0)
      erubis (~> 2.7.0)
      haml (~> 4.0.0)
      nokogiri (~> 1.6.0)
      ruby_parser (~> 3.5)
    mini_portile2 (2.1.0)
    nokogiri (1.6.8)
      mini_portile2 (~> 2.1.0)
      pkg-config (~> 1.1.7)
    pkg-config (1.1.7)
    puma (3.6.0)
    rack (2.0.1)
    rake (11.2.2)
    redcarpet (3.3.4)
    ruby_parser (3.8.2)
      sexp_processor (~> 4.1)
    sexp_processor (4.7.0)
    tilt (2.0.5)

PLATFORMS
  ruby

DEPENDENCIES
  haml
  html2haml
  puma
  rack
  rake
  redcarpet

BUNDLED WITH
   1.12.5
